GEM
  remote: https://rubygems.org/
  specs:
    ruby-ole (1.2.11.8)
    spreadsheet (1.0.0)
      ruby-ole (>= 1.0)

PLATFORMS
  ruby

DEPENDENCIES
  spreadsheet
